GEM
  remote: https://rubygems.org/
  specs:
    diff-lcs (1.3)
    parallel (1.20.1)
    parallel_tests (3.7.0)
      parallel
    rspec (3.9.0)
      rspec-core (~> 3.9.0)
      rspec-expectations (~> 3.9.0)
      rspec-mocks (~> 3.9.0)
    rspec-core (3.9.1)
      rspec-support (~> 3.9.1)
    rspec-expectations (3.9.1)
      diff-lcs (>= 1.2.0, < 2.0)
      rspec-support (~> 3.9.0)
    rspec-mocks (3.9.1)
      diff-lcs (>= 1.2.0, < 2.0)
      rspec-support (~> 3.9.0)
    rspec-support (3.9.2)

PLATFORMS
  ruby

DEPENDENCIES
  parallel_tests
  rspec

RUBY VERSION
   ruby 2.6.6p146

BUNDLED WITH
   2.1.4
